ObjectType = Image
NDims = 3
BinaryData = True
BinaryDataByteOrderMSB = False
CompressedData = False
TransformMatrix = 1 0 0 0 1 0 0 0 1
Offset = 0 0 0
CenterOfRotation = 0 0 0
AnatomicalOrientation = RAI
ElementSpacing = 1.34 2.0 1.34
ITK_InputFilterName = MetaImageIO
DimSize = 512 157 512
ElementType = MET_USHORT
ElementDataFile = dicom_10-8_0-32-12.raw
